PATH
  remote: .
  specs:
    heroku-autoscale (0.2.2)
      eventmachine
      heroku (~> 2.31.3)
      rack (~> 1.0)

GEM
  remote: https://rubygems.org/
  specs:
    addressable (2.3.2)
    columnize (0.3.6)
    debugger (1.2.0)
      columnize (>= 0.3.1)
      debugger-linecache (~> 1.1.1)
      debugger-ruby_core_source (~> 1.1.3)
    debugger-linecache (1.1.2)
      debugger-ruby_core_source (>= 1.1.1)
    debugger-ruby_core_source (1.1.3)
    diff-lcs (1.1.3)
    eventmachine (1.0.0)
    excon (0.16.2)
    git (1.2.5)
    heroku (2.31.3)
      heroku-api (~> 0.3.5)
      launchy (>= 0.3.2)
      netrc (~> 0.7.7)
      rest-client (~> 1.6.1)
      rubyzip
    heroku-api (0.3.5)
      excon (~> 0.16.1)
    jeweler (1.8.4)
      bundler (~> 1.0)
      git (>= 1.2.5)
      rake
      rdoc
    json (1.7.5)
    launchy (2.1.2)
      addressable (~> 2.3)
    mime-types (1.19)
    netrc (0.7.7)
    rack (1.4.1)
    rack-test (0.5.7)
      rack (>= 1.0)
    rake (0.8.7)
    rcov (0.9.11)
    rdoc (3.12)
      json (~> 1.4)
    rest-client (1.6.7)
      mime-types (>= 1.16)
    rspec (2.11.0)
      rspec-core (~> 2.11.0)
      rspec-expectations (~> 2.11.0)
      rspec-mocks (~> 2.11.0)
    rspec-core (2.11.1)
    rspec-expectations (2.11.3)
      diff-lcs (~> 1.1.3)
    rspec-mocks (2.11.2)
    rubyzip (0.9.9)

PLATFORMS
  ruby

DEPENDENCIES
  debugger
  heroku-autoscale!
  jeweler
  rack-test (~> 0.5.4)
  rake (~> 0.8.7)
  rcov (~> 0.9.8)
  rspec (~> 2.11.0)
